GEM
  remote: https://rubygems.org/
  specs:
    ffi (1.9.18)
    httpclient (2.8.3)
    lapis-common (0.1.1)
    lapis-minecraft-versioning (0.6.3)
      httpclient (~> 2.1)
      thor
    lapis-yggdrasil (0.5.0)
      httpclient (~> 2.1)
    rbnacl (4.0.1)
      ffi
    rbnacl-libsodium (1.0.11)
      rbnacl (>= 3.0.1)
    thor (0.19.4)

PLATFORMS
  ruby

DEPENDENCIES
  lapis-common
  lapis-minecraft-versioning
  lapis-yggdrasil
  rbnacl
  rbnacl-libsodium

BUNDLED WITH
   1.14.3
